PATH
  remote: .
  specs:
    active_record_anonymizer (0.0.7)
      activerecord (~> 3.2)
      activesupport (~> 3.2)
      pg (>= 0.17.1)

GEM
  remote: https://rubygems.org/
  specs:
    activemodel (3.2.22.2)
      activesupport (= 3.2.22.2)
      builder (~> 3.0.0)
    activerecord (3.2.22.2)
      activemodel (= 3.2.22.2)
      activesupport (= 3.2.22.2)
      arel (~> 3.0.2)
      tzinfo (~> 0.3.29)
    activesupport (3.2.22.2)
      i18n (~> 0.6, >= 0.6.4)
      multi_json (~> 1.0)
    arel (3.0.3)
    builder (3.0.4)
    diff-lcs (1.2.5)
    i18n (0.7.0)
    multi_json (1.11.2)
    pg (0.18.4)
    rake (10.4.2)
    rspec (3.2.0)
      rspec-core (~> 3.2.0)
      rspec-expectations (~> 3.2.0)
      rspec-mocks (~> 3.2.0)
    rspec-core (3.2.2)
      rspec-support (~> 3.2.0)
    rspec-expectations (3.2.0)
      diff-lcs (>= 1.2.0, < 2.0)
      rspec-support (~> 3.2.0)
    rspec-mocks (3.2.1)
      diff-lcs (>= 1.2.0, < 2.0)
      rspec-support (~> 3.2.0)
    rspec-support (3.2.2)
    sqlite3 (1.3.10)
    tzinfo (0.3.49)

PLATFORMS
  ruby

DEPENDENCIES
  active_record_anonymizer!
  rake (~> 10.4.2)
  rspec (~> 3.1)
  rspec-mocks
  sqlite3 (~> 1.3.10)
